GEM
  remote: https://rubygems.org/
  specs:
    amazing_print (1.4.0)
    builder (3.2.4)
    connection_pool (2.2.5)
    ebnf (2.3.0)
      amazing_print (~> 1.4)
      htmlentities (~> 4.3)
      rdf (~> 3.2)
      scanf (~> 1.0)
      sxp (~> 1.2)
      unicode-types (~> 1.7)
    htmlentities (4.3.4)
    link_header (0.0.8)
    logger (1.5.0)
    matrix (0.4.2)
    net-http-persistent (4.0.1)
      connection_pool (~> 2.2)
    rdf (3.2.3)
      link_header (~> 0.0, >= 0.0.8)
    rdf-aggregate-repo (3.2.0)
      rdf (~> 3.2)
    rdf-n3 (3.1.2)
      ebnf (~> 2.1)
      rdf (~> 3.1, >= 3.1.8)
      sparql (~> 3.1, >= 3.1.4)
      sxp (~> 1.1)
    rdf-xsd (3.2.0)
      rdf (~> 3.2)
      rexml (~> 3.2)
    rexml (3.2.5)
    scanf (1.0.0)
    sparql (3.2.1)
      builder (~> 3.2)
      ebnf (~> 2.2)
      logger (~> 1.4)
      rdf (~> 3.2, >= 3.2.3)
      rdf-aggregate-repo (~> 3.2)
      rdf-xsd (~> 3.2)
      sparql-client (~> 3.2)
      sxp (~> 1.2, >= 1.2.1)
    sparql-client (3.2.0)
      net-http-persistent (~> 4.0, >= 4.0.1)
      rdf (~> 3.2)
    sxp (1.2.1)
      matrix
      rdf (~> 3.2)
    unicode-types (1.7.0)

PLATFORMS
  x86_64-linux

DEPENDENCIES
  rdf-n3 (= 3.1.2)

RUBY VERSION
   ruby 2.7.5p203

BUNDLED WITH
   2.3.6
